GEM
  remote: http://rubygems.org/
  specs:
    mime-types (1.17.2)
    multipart-post (1.1.3)
    xml-simple (1.1.1)

PLATFORMS
  x86-mingw32

DEPENDENCIES
  mime-types
  multipart-post
  xml-simple
